NUGET
  remote: https://www.nuget.org/api/v2
  specs:
    Newtonsoft.Json (4.5.7)
    NLog (3.1.0.0)
    NUnit (2.6.0.12054)
    RabbitMQ.Client (3.4.0)
