NUGET
  remote: https://www.nuget.org/api/v2
  specs:
    Newtonsoft.Json (6.0.6)
    NLog (3.2.0.0)
    NuGet.CommandLine (2.8.3)
    NUnit (2.6.0.12054)
    RabbitMQ.Client (3.5.1)
